GIT
  remote: https://github.com/tim-group/orc.git
  revision: 2daa527d5a251e9cf2396ba5282a0a4b23e5500c
  ref: 2daa527d5a251e9cf2396ba5282a0a4b23e5500c
  specs:
    orc (0.1.0.pre.2daa527)
      git

GEM
  remote: https://rubygems.org/
  specs:
    CFPropertyList (2.3.6)
    ast (2.4.0)
    astrolabe (1.3.1)
      parser (~> 2.2)
    builder (3.2.4)
    byebug (9.0.6)
    ci_reporter (2.0.0)
      builder (>= 2.1.2)
    ci_reporter_rspec (1.0.0)
      ci_reporter (~> 2.0)
      rspec (>= 2.14, < 4)
    coderay (1.1.2)
    collimator (0.0.3)
      colored
    colored (1.2)
    concurrent-ruby (1.1.8)
    deep_merge (1.2.1)
    diff-lcs (1.3)
    facter (4.0.52)
      hocon (~> 1.3)
      thor (>= 1.0.1, < 2.0)
    fast_gettext (1.8.0)
    git (1.7.0)
      rchardet (~> 1.8)
    hashdiff (1.0.1)
    hiera (3.7.0)
    hocon (1.3.1)
    httpclient (2.8.3)
    json (2.3.0)
    locale (2.1.3)
    mcollective-client (2.8.2)
      json
      stomp
      systemu
    method_source (0.9.2)
    multi_json (1.15.0)
    parser (2.7.0.2)
      ast (~> 2.4.0)
    powerpack (0.1.2)
    pry (0.12.2)
      coderay (~> 1.1.0)
      method_source (~> 0.9.0)
    pry-byebug (3.4.3)
      byebug (>= 9.0, < 9.1)
      pry (~> 0.10)
    puppet (6.13.0)
      concurrent-ruby (~> 1.0)
      deep_merge (~> 1.0)
      facter (> 2.0.1, < 5)
      fast_gettext (~> 1.1)
      hiera (>= 3.2.1, < 4)
      httpclient (~> 2.8)
      locale (~> 2.1)
      multi_json (~> 1.10)
      puppet-resource_api (~> 1.5)
      semantic_puppet (~> 1.0)
    puppet (6.13.0-universal-darwin)
      CFPropertyList (~> 2.2)
      concurrent-ruby (~> 1.0)
      deep_merge (~> 1.0)
      facter (> 2.0.1, < 5)
      fast_gettext (~> 1.1)
      hiera (>= 3.2.1, < 4)
      httpclient (~> 2.8)
      locale (~> 2.1)
      multi_json (~> 1.10)
      puppet-resource_api (~> 1.5)
      semantic_puppet (~> 1.0)
    puppet-resource_api (1.8.13)
      hocon (>= 1.0)
    rainbow (2.2.2)
      rake
    rake (10.1.0)
    rchardet (1.8.0)
    rspec (3.3.0)
      rspec-core (~> 3.3.0)
      rspec-expectations (~> 3.3.0)
      rspec-mocks (~> 3.3.0)
    rspec-core (3.3.2)
      rspec-support (~> 3.3.0)
    rspec-expectations (3.3.1)
      diff-lcs (>= 1.2.0, < 2.0)
      rspec-support (~> 3.3.0)
    rspec-mocks (3.3.2)
      diff-lcs (>= 1.2.0, < 2.0)
      rspec-support (~> 3.3.0)
    rspec-support (3.3.0)
    rubocop (0.32.1)
      astrolabe (~> 1.3)
      parser (>= 2.2.2.5, < 3.0)
      powerpack (~> 0.1)
      rainbow (>= 1.99.1, < 3.0)
      ruby-progressbar (~> 1.4)
    ruby-progressbar (1.10.1)
    semantic_puppet (1.0.3)
    stomp (1.4.9)
    syck (1.4.0)
    systemu (2.6.5)
    thor (1.1.0)

PLATFORMS
  ruby
  universal-darwin-18
  x86_64-darwin-18

DEPENDENCIES
  ci_reporter_rspec (= 1.0.0)
  collimator (= 0.0.3)
  hashdiff
  mcollective-client (= 2.8.2)
  orc!
  pry
  pry-byebug
  puppet (= 6.13.0)
  rake (= 10.1.0)
  rspec (= 3.3.0)
  rubocop (= 0.32.1)
  syck

BUNDLED WITH
   1.17.3
