GIT
  remote: https://github.com/tim-group/orc.git
  revision: 9bd34ed0b9d7db51dd84cd944e7e4d117d5b79c2
  ref: 9bd34ed0b9d7db51dd84cd944e7e4d117d5b79c2
  specs:
    orc (0.1.0.pre.9bd34ed)
      git

GEM
  remote: https://rubygems.org/
  specs:
    CFPropertyList (2.3.6)
    ast (2.4.0)
    astrolabe (1.3.1)
      parser (~> 2.2)
    builder (3.2.4)
    byebug (9.0.6)
    ci_reporter (2.0.0)
      builder (>= 2.1.2)
    ci_reporter_rspec (1.0.0)
      ci_reporter (~> 2.0)
      rspec (>= 2.14, < 4)
    coderay (1.1.2)
    collimator (0.0.3)
      colored
    colored (1.2)
    diff-lcs (1.3)
    facter (2.5.7)
    facter (2.5.7-universal-darwin)
      CFPropertyList (~> 2.2)
    git (1.7.0)
      rchardet (~> 1.8)
    hashdiff (1.0.1)
    hiera (1.3.4)
      json_pure
    json (2.3.0)
    json_pure (2.2.0)
    mcollective-client (2.8.2)
      json
      stomp
      systemu
    method_source (0.9.2)
    parser (2.7.0.2)
      ast (~> 2.4.0)
    powerpack (0.1.2)
    pry (0.12.2)
      coderay (~> 1.1.0)
      method_source (~> 0.9.0)
    pry-byebug (3.4.3)
      byebug (>= 9.0, < 9.1)
      pry (~> 0.10)
    puppet (3.7.5)
      facter (> 1.6, < 3)
      hiera (~> 1.0)
      json_pure
    rainbow (2.2.2)
      rake
    rake (10.1.0)
    rchardet (1.8.0)
    rspec (3.3.0)
      rspec-core (~> 3.3.0)
      rspec-expectations (~> 3.3.0)
      rspec-mocks (~> 3.3.0)
    rspec-core (3.3.2)
      rspec-support (~> 3.3.0)
    rspec-expectations (3.3.1)
      diff-lcs (>= 1.2.0, < 2.0)
      rspec-support (~> 3.3.0)
    rspec-mocks (3.3.2)
      diff-lcs (>= 1.2.0, < 2.0)
      rspec-support (~> 3.3.0)
    rspec-support (3.3.0)
    rubocop (0.32.1)
      astrolabe (~> 1.3)
      parser (>= 2.2.2.5, < 3.0)
      powerpack (~> 0.1)
      rainbow (>= 1.99.1, < 3.0)
      ruby-progressbar (~> 1.4)
    ruby-progressbar (1.10.1)
    stomp (1.4.9)
    syck (1.4.0)
    systemu (2.6.5)

PLATFORMS
  ruby
  universal-darwin-18
  x86_64-darwin-18

DEPENDENCIES
  ci_reporter_rspec (= 1.0.0)
  collimator (= 0.0.3)
  hashdiff
  mcollective-client (= 2.8.2)
  orc!
  pry
  pry-byebug
  puppet (= 3.7.5)
  rake (= 10.1.0)
  rspec (= 3.3.0)
  rubocop (= 0.32.1)
  syck

BUNDLED WITH
   1.17.3
