GIT
  remote: https://github.com/tim-group/orc.git
  revision: 38f9609118c4d5f283786a27dc0eb2be8077b624
  specs:
    orc (0.1.0.pre.38f9609)
      git

GIT
  remote: https://github.com/tim-group/ruby-nagios-support.git
  revision: ba0a9d777dcc04fa30541188442ebe70962f53b4
  specs:
    nagios-support (0.1.0.pre.ba0a9d7)

GIT
  remote: https://github.com/tim-group/ruby-web-test-framework.git
  revision: 60df4d26b659400abc29efd2152ec8226a7df5b6
  specs:
    web-test-framework (0.1.0.pre.60df4d2)

GEM
  remote: https://rubygems.org/
  specs:
    ast (2.4.0)
    astrolabe (1.3.1)
      parser (~> 2.2)
    builder (3.2.3)
    ci_reporter (2.0.0)
      builder (>= 2.1.2)
    ci_reporter_rspec (1.0.0)
      ci_reporter (~> 2.0)
      rspec (>= 2.14, < 4)
    coderay (1.1.2)
    collimator (0.0.3)
      colored
    colored (1.2)
    diff-lcs (1.3)
    facter (2.5.5)
    git (1.5.0)
    hiera (1.3.4)
      json_pure
    json (2.2.0)
    json_pure (2.2.0)
    mcollective-client (2.8.1)
      json
      stomp
      systemu
    method_source (0.9.2)
    parser (2.6.3.0)
      ast (~> 2.4.0)
    powerpack (0.1.2)
    pry (0.12.2)
      coderay (~> 1.1.0)
      method_source (~> 0.9.0)
    puppet (3.8.5)
      facter (> 1.6, < 3)
      hiera (~> 1.0)
      json_pure
    rainbow (2.2.2)
      rake
    rake (10.1.0)
    rspec (3.3.0)
      rspec-core (~> 3.3.0)
      rspec-expectations (~> 3.3.0)
      rspec-mocks (~> 3.3.0)
    rspec-core (3.3.2)
      rspec-support (~> 3.3.0)
    rspec-expectations (3.3.1)
      diff-lcs (>= 1.2.0, < 2.0)
      rspec-support (~> 3.3.0)
    rspec-mocks (3.3.2)
      diff-lcs (>= 1.2.0, < 2.0)
      rspec-support (~> 3.3.0)
    rspec-support (3.3.0)
    rubocop (0.32.1)
      astrolabe (~> 1.3)
      parser (>= 2.2.2.5, < 3.0)
      powerpack (~> 0.1)
      rainbow (>= 1.99.1, < 3.0)
      ruby-progressbar (~> 1.4)
    ruby-progressbar (1.10.1)
    stomp (1.4.8)
    syck (1.4.0)
    systemu (2.6.5)

PLATFORMS
  ruby

DEPENDENCIES
  ci_reporter_rspec (= 1.0.0)!
  collimator!
  mcollective-client (= 2.8.1)!
  nagios-support!
  orc!
  pry (= 0.12.2)!
  puppet (= 3.8.5)!
  rake (= 10.1.0)!
  rspec (= 3.3.0)!
  rubocop (= 0.32.1)!
  syck!
  web-test-framework!

BUNDLED WITH
   1.17.3
